GEM
  remote: https://rubygems.org/
  specs:
    gchartrb (0.8)
    gnuplot (2.6.2)
    googlecharts (1.6.10)
    rack (1.6.0)
    rack-protection (1.5.3)
      rack
    sinatra (1.4.6)
      rack (~> 1.4)
      rack-protection (~> 1.4)
      tilt (>= 1.3, < 3)
    tilt (2.0.1)

PLATFORMS
  ruby

DEPENDENCIES
  gchartrb
  gnuplot
  googlecharts (~> 1.6.10)
  sinatra
