GEM
  remote: https://rubygems.org/
  specs:
    gchartrb (0.8)
    gnuplot (2.6.2)
    googlecharts (1.6.10)
    mustermann (2.0.2)
      ruby2_keywords (~> 0.0.1)
    rack (2.2.4)
    rack-protection (2.2.3)
      rack
    ruby2_keywords (0.0.5)
    sinatra (2.2.3)
      mustermann (~> 2.0)
      rack (~> 2.2)
      rack-protection (= 2.2.3)
      tilt (~> 2.0)
    tilt (2.0.11)

PLATFORMS
  ruby

DEPENDENCIES
  gchartrb
  gnuplot
  googlecharts (~> 1.6.10)
  sinatra
